GEM
  remote: https://rubygems.org/
  specs:
    dino (0.11.2)
      serialport
    httpclient (2.3.4.1)
    json (1.8.1)
    serialport (1.3.0)
    tempodb (0.6.1)
      httpclient
      json

PLATFORMS
  ruby

DEPENDENCIES
  dino
  tempodb
